PATH
  remote: .
  specs:
    omniauth-imx (1.1.0)
      httparty
      jwt
      omniauth
      omniauth-oauth2

GEM
  remote: https://rubygems.org/
  specs:
    base64 (0.2.0)
    faraday (2.9.0)
      faraday-net_http (>= 2.0, < 3.2)
    faraday-net_http (3.1.0)
      net-http
    hashie (5.0.0)
    httparty (0.21.0)
      mini_mime (>= 1.0.0)
      multi_xml (>= 0.5.2)
    jwt (2.8.1)
      base64
    mini_mime (1.1.5)
    multi_xml (0.6.0)
    net-http (0.4.1)
      uri
    oauth2 (2.0.9)
      faraday (>= 0.17.3, < 3.0)
      jwt (>= 1.0, < 3.0)
      multi_xml (~> 0.5)
      rack (>= 1.2, < 4)
      snaky_hash (~> 2.0)
      version_gem (~> 1.1)
    omniauth (2.1.2)
      hashie (>= 3.4.6)
      rack (>= 2.2.3)
      rack-protection
    omniauth-oauth2 (1.8.0)
      oauth2 (>= 1.4, < 3)
      omniauth (~> 2.0)
    rack (3.0.10)
    rack-protection (4.0.0)
      base64 (>= 0.1.0)
      rack (>= 3.0.0, < 4)
    rake (13.1.0)
    snaky_hash (2.0.1)
      hashie
      version_gem (~> 1.1, >= 1.1.1)
    uri (0.13.0)
    version_gem (1.1.4)

PLATFORMS
  arm64-darwin-21

DEPENDENCIES
  omniauth-imx!
  rake (~> 13.0)

BUNDLED WITH
   2.4.7
